GEM
  remote: https://rubygems.org/
  specs:
    activesupport (4.2.6)
      i18n (~> 0.7)
      json (~> 1.7, >= 1.7.7)
      minitest (~> 5.1)
      thread_safe (~> 0.3, >= 0.3.4)
      tzinfo (~> 1.1)
    aws-sdk (2.2.31)
      aws-sdk-resources (= 2.2.31)
    aws-sdk-core (2.2.31)
      jmespath (~> 1.0)
    aws-sdk-resources (2.2.31)
      aws-sdk-core (= 2.2.31)
    bson (1.8.6)
    bson_ext (1.8.2)
      bson (~> 1.8.2)
    i18n (0.7.0)
    jmespath (1.1.3)
    json (1.8.3)
    mail (2.6.4)
      mime-types (>= 1.16, < 4)
    mime-types (3.0)
      mime-types-data (~> 3.2015)
    mime-types-data (3.2016.0221)
    minitest (5.8.4)
    mongo (1.8.2)
      bson (~> 1.8.2)
    thread_safe (0.3.5)
    tzinfo (1.2.2)
      thread_safe (~> 0.1)

PLATFORMS
  ruby

DEPENDENCIES
  activesupport
  aws-sdk
  bson_ext (= 1.8.2)
  mail
  mongo (= 1.8.2)
